GEM
  remote: https://rubygems.org/
  specs:
    addressable (2.2.8)
    guillotine (1.4.0)
      addressable (~> 2.2.6)
      sinatra (~> 1.2.6)
    jwt (0.1.11)
      multi_json (>= 1.5)
    little-plugger (1.1.3)
    logging (1.8.2)
      little-plugger (>= 1.1.3)
      multi_json (>= 1.8.4)
    multi_json (1.8.4)
    rack (1.5.2)
    redis (3.0.1)
    sinatra (1.2.8)
      rack (~> 1.1)
      tilt (>= 1.2.2, < 2.0)
    tilt (1.3.4)

PLATFORMS
  ruby

DEPENDENCIES
  guillotine (= 1.4.0)
  jwt
  logging
  redis
