GEM
  remote: https://rubygems.org/
  specs:
    activesupport (4.1.0)
      i18n (~> 0.6, >= 0.6.9)
      json (~> 1.7, >= 1.7.7)
      minitest (~> 5.1)
      thread_safe (~> 0.1)
      tzinfo (~> 1.1)
    addressable (2.2.8)
    guillotine (1.4.0)
      addressable (~> 2.2.6)
      sinatra (~> 1.2.6)
    i18n (0.6.9)
    jbuilder (1.5.3)
      activesupport (>= 3.0.0)
      multi_json (>= 1.2.0)
    json (1.8.1)
    jwt (0.1.11)
      multi_json (>= 1.5)
    little-plugger (1.1.3)
    logging (1.8.2)
      little-plugger (>= 1.1.3)
      multi_json (>= 1.8.4)
    minitest (5.3.2)
    multi_json (1.9.2)
    rack (1.5.2)
    rack-rewrite (1.2.1)
    redis (3.0.7)
    sinatra (1.2.8)
      rack (~> 1.1)
      tilt (>= 1.2.2, < 2.0)
    thread_safe (0.3.3)
    tilt (1.4.1)
    tzinfo (1.1.0)
      thread_safe (~> 0.1)

PLATFORMS
  ruby

DEPENDENCIES
  guillotine (= 1.4.0)
  jbuilder (= 1.5.3)
  jwt
  logging
  rack-rewrite (~> 1.2.1)
  redis
