GEM
  remote: https://rubygems.org/
  specs:
    activesupport (4.0.2)
      i18n (~> 0.6, >= 0.6.4)
      minitest (~> 4.2)
      multi_json (~> 1.3)
      thread_safe (~> 0.1)
      tzinfo (~> 0.3.37)
    addressable (2.2.8)
    atomic (1.1.14)
    guillotine (1.4.0)
      addressable (~> 2.2.6)
      sinatra (~> 1.2.6)
    i18n (0.6.9)
    jbuilder (1.5.3)
      activesupport (>= 3.0.0)
      multi_json (>= 1.2.0)
    jwt (0.1.11)
      multi_json (>= 1.5)
    little-plugger (1.1.3)
    logging (1.8.2)
      little-plugger (>= 1.1.3)
      multi_json (>= 1.8.4)
    minitest (4.7.5)
    multi_json (1.8.4)
    rack (1.5.2)
    redis (3.0.1)
    sinatra (1.2.8)
      rack (~> 1.1)
      tilt (>= 1.2.2, < 2.0)
    thread_safe (0.1.3)
      atomic
    tilt (1.3.4)
    tzinfo (0.3.38)

PLATFORMS
  ruby

DEPENDENCIES
  guillotine (= 1.4.0)
  jbuilder (= 1.5.3)
  jwt
  logging
  redis
